GEM
  remote: http://rubygems.org/
  specs:
    ansi (1.4.3)
    diff-lcs (1.1.3)
    faraday (0.8.4)
      multipart-post (~> 1.1)
    git (1.2.5)
    highline (1.6.15)
    jeweler (1.8.4)
      bundler (~> 1.0)
      git (>= 1.2.5)
      rake
      rdoc
    json (1.7.5)
    log4r (1.1.10)
    multi_json (1.3.6)
    multipart-post (1.1.5)
    net-ssh (2.6.1)
    net-ssh-gateway (1.1.0)
      net-ssh (>= 1.99.1)
    net-ssh-multi (1.1)
      net-ssh (>= 2.1.4)
      net-ssh-gateway (>= 0.99.0)
    rake (0.9.2.2)
    rdoc (3.12)
      json (~> 1.4)
    rspec (2.11.0)
      rspec-core (~> 2.11.0)
      rspec-expectations (~> 2.11.0)
      rspec-mocks (~> 2.11.0)
    rspec-core (2.11.1)
    rspec-expectations (2.11.3)
      diff-lcs (~> 1.1.3)
    rspec-mocks (2.11.3)
    simple_oauth (0.1.9)
    simplecov (0.7.1)
      multi_json (~> 1.0)
      simplecov-html (~> 0.7.1)
    simplecov-html (0.7.1)
    twitter (4.1.2)
      faraday (~> 0.8)
      multi_json (~> 1.3)
      simple_oauth (~> 0.1.6)
    yard (0.8.3)

PLATFORMS
  ruby

DEPENDENCIES
  ansi (~> 1.4.3)
  bundler (~> 1.2.0)
  highline (~> 1.6.15)
  jeweler (~> 1.8.4)
  log4r (~> 1.1.10)
  net-ssh-multi (~> 1.1)
  rspec (~> 2.11.0)
  simplecov (~> 0.7.1)
  twitter (~> 4.1.2)
  yard (~> 0.8.3)
